GEM
  remote: https://rubygems.org/
  specs:
    language_server-protocol (3.17.0.3)
    logger (1.6.1)
    prism (1.1.0)
    rbs (3.6.1)
      logger
    ruby-lsp (0.19.1)
      language_server-protocol (~> 3.17.0)
      prism (>= 1.1, < 2.0)
      rbs (>= 3, < 4)
      sorbet-runtime (>= 0.5.10782)
    sorbet-runtime (0.5.11597)

PLATFORMS
  x86_64-linux-gnu

DEPENDENCIES
  ruby-lsp

BUNDLED WITH
   2.4.20
